GEM
  remote: https://rubygems.org/
  specs:
    colored (1.2)
    mini_portile2 (2.8.0)
    nokogiri (1.13.2)
      mini_portile2 (~> 2.8.0)
      racc (~> 1.4)
    public_suffix (1.3.0)
    racc (1.6.0)

PLATFORMS
  ruby

DEPENDENCIES
  colored
  nokogiri
  public_suffix
