GEM
  remote: https://rubygems.org/
  specs:
    colored (1.2)
    mini_portile2 (2.4.0)
    nokogiri (1.10.10)
      mini_portile2 (~> 2.4.0)
    public_suffix (1.3.0)

PLATFORMS
  ruby

DEPENDENCIES
  colored
  nokogiri
  public_suffix
