GEM
  remote: https://rubygems.org/
  specs:
    colored (1.2)
    mini_portile2 (2.6.1)
    nokogiri (1.12.5)
      mini_portile2 (~> 2.6.1)
      racc (~> 1.4)
    public_suffix (1.3.0)
    racc (1.5.2)

PLATFORMS
  ruby

DEPENDENCIES
  colored
  nokogiri
  public_suffix
