GEM
  remote: https://rubygems.org/
  specs:
    colored (1.2)
    nokogiri (1.5.9)
    public_suffix (1.3.0)

PLATFORMS
  ruby

DEPENDENCIES
  colored
  nokogiri
  public_suffix
